GIT
  remote: git://github.com/jedi4ever/veewee.git
  revision: 577259c1a7949795efc2d711a8c44f71666d23f0
  specs:
    veewee (0.3.7)
      ansi (~> 1.3.0)
      childprocess
      cucumber (>= 1.0.0)
      fission (= 0.4.0)
      fog (~> 1.8)
      grit
      highline
      i18n
      net-ssh (~> 2.2.0)
      popen4 (~> 0.1.2)
      progressbar
      rspec (~> 2.5)
      ruby-vnc (~> 1.0.0)
      thor (~> 0.15)
      vagrant (>= 0.9)

GEM
  remote: http://rubygems.org/
  specs:
    CFPropertyList (2.0.17)
      libxml-ruby (>= 1.1.0)
      rake (>= 0.7.0)
    Platform (0.4.0)
    ansi (1.3.0)
    archive-tar-minitar (0.5.2)
    builder (3.1.4)
    childprocess (0.3.8)
      ffi (~> 1.0, >= 1.0.11)
    cucumber (1.2.1)
      builder (>= 2.1.2)
      diff-lcs (>= 1.1.3)
      gherkin (~> 2.11.0)
      json (>= 1.4.6)
    diff-lcs (1.1.3)
    erubis (2.7.0)
    excon (0.16.10)
    ffi (1.3.1)
    fission (0.4.0)
      CFPropertyList (~> 2.0.17)
    fog (1.9.0)
      builder
      excon (~> 0.14)
      formatador (~> 0.2.0)
      mime-types
      multi_json (~> 1.0)
      net-scp (~> 1.0.4)
      net-ssh (>= 2.1.3)
      nokogiri (~> 1.5.0)
      ruby-hmac
    formatador (0.2.4)
    gherkin (2.11.5)
      json (>= 1.4.6)
    grit (2.5.0)
      diff-lcs (~> 1.1)
      mime-types (~> 1.15)
      posix-spawn (~> 0.3.6)
    hashr (0.0.22)
    highline (1.6.15)
    i18n (0.6.1)
    json (1.5.4)
    libxml-ruby (2.5.0)
    log4r (1.1.10)
    micromachine (1.0.4)
    mime-types (1.21)
    multi_json (1.0.4)
    net-scp (1.0.4)
      net-ssh (>= 1.99.1)
    net-ssh (2.2.2)
    nokogiri (1.5.6)
    open4 (1.3.0)
    popen4 (0.1.2)
      Platform (>= 0.4.0)
      open4 (>= 0.4.0)
    posix-spawn (0.3.6)
    progressbar (0.20.0)
    rake (10.0.3)
    rspec (2.7.0)
      rspec-core (~> 2.7.0)
      rspec-expectations (~> 2.7.0)
      rspec-mocks (~> 2.7.0)
    rspec-core (2.7.1)
    rspec-expectations (2.7.0)
      diff-lcs (~> 1.1.2)
    rspec-mocks (2.7.0)
    ruby-hmac (0.4.0)
    ruby-vnc (1.0.1)
    thor (0.17.0)
    vagrant (1.0.6)
      archive-tar-minitar (= 0.5.2)
      childprocess (~> 0.3.1)
      erubis (~> 2.7.0)
      i18n (~> 0.6.0)
      json (~> 1.5.1)
      log4r (~> 1.1.9)
      net-scp (~> 1.0.4)
      net-ssh (~> 2.2.2)
    vagrant-vbguest (0.6.4)
      i18n (~> 0.6.0)
      log4r (~> 1.1.9)
      micromachine (~> 1.0.4)

PLATFORMS
  ruby

DEPENDENCIES
  hashr (~> 0.0.17)
  jruby-openssl
  multi_json (~> 1.0.3)
  rspec (~> 2.7.0)
  thor (~> 0.15)
  vagrant (~> 1.0.2)
  vagrant-vbguest
  veewee!
